GIT
  remote: git://github.com/virtualstaticvoid/app_config.git
  revision: 734b79374f28790cbac1db92abe218918764f70a
  branch: master
  specs:
    app_config (0.0.1)
      rails (~> 3.0.0)

GIT
  remote: git://github.com/virtualstaticvoid/colorist.git
  revision: 415413db8d891edc1851c8e7f77e31d79d01b607
  branch: master
  specs:
    kmandrup-colorist (0.1.5)

GIT
  remote: git://github.com/virtualstaticvoid/default_value_for.git
  revision: 13665252d7e3f3766edbc86346c989fbb4a4b9e3
  branch: master
  specs:
    default_value_for (1.0.2)

GIT
  remote: git://github.com/virtualstaticvoid/devise.git
  revision: 2f5a7302bdc7c9fd632676f929ed00ac868494c1
  branch: find_for_authentication
  specs:
    devise (1.4.2)
      bcrypt-ruby (~> 2.1.2)
      orm_adapter (~> 0.0.3)
      warden (~> 1.0.3)

GIT
  remote: git://github.com/virtualstaticvoid/informal.git
  revision: 2bae95397b33375fae7744bcd09ea644e86b3a8a
  branch: rails_3_0_model_name_back_port
  specs:
    informal (0.1.0)
      activemodel (~> 3.0)

GIT
  remote: git://github.com/virtualstaticvoid/rack-recaptcha.git
  revision: d1ffa84f9567181179e74880c2cc26acfd6419aa
  tag: v0.5.0
  specs:
    rack-recaptcha (0.5.0)
      json

GEM
  remote: http://rubygems.org/
  specs:
    abstract (1.0.0)
    actionmailer (3.0.9)
      actionpack (= 3.0.9)
      mail (~> 2.2.19)
    actionpack (3.0.9)
      activemodel (= 3.0.9)
      activesupport (= 3.0.9)
      builder (~> 2.1.2)
      erubis (~> 2.6.6)
      i18n (~> 0.5.0)
      rack (~> 1.3.2)
      rack-mount (~> 0.6.14)
      rack-test (~> 0.5.7)
      tzinfo (~> 0.3.23)
    activemodel (3.0.9)
      activesupport (= 3.0.9)
      builder (~> 2.1.2)
      i18n (~> 0.5.0)
    activerecord (3.0.9)
      activemodel (= 3.0.9)
      activesupport (= 3.0.9)
      arel (~> 2.0.10)
      tzinfo (~> 0.3.23)
    activeresource (3.0.9)
      activemodel (= 3.0.9)
      activesupport (= 3.0.9)
    activesupport (3.0.9)
    arel (2.0.10)
    aws-s3 (0.6.2)
      builder
      mime-types
      xml-simple
    aws-ses (0.4.3)
      builder
      mail (> 2.2.5)
      mime-types
      xml-simple
    bcrypt-ruby (2.1.4)
    builder (2.1.2)
    cocaine (0.2.0)
    coderay (0.9.8)
    daemons (1.1.4)
    delayed_job (2.1.4)
      activesupport (~> 3.0)
      daemons
    erubis (2.6.6)
      abstract (>= 1.0.0)
    eventmachine (0.12.10)
    flay (1.4.2)
      ruby_parser (~> 2.0)
      sexp_processor (~> 3.0)
    flog (2.5.1)
      ruby_parser (~> 2.0)
      sexp_processor (~> 3.0)
    foreman (0.20.0)
      term-ansicolor (~> 1.0.5)
      thor (>= 0.13.6)
    i18n (0.5.0)
    jquery-rails (1.0.13)
      railties (~> 3.0)
      thor (~> 0.14)
    json (1.5.3)
    kaminari (0.12.4)
      rails (>= 3.0.0)
    log_buddy (0.6.0)
    mail (2.2.19)
      activesupport (>= 2.3.6)
      i18n (>= 0.4.0)
      mime-types (~> 1.16)
      treetop (~> 1.4.8)
    method_source (0.6.0)
      ruby_parser (>= 2.0.5)
    mime-types (1.16)
    orm_adapter (0.0.5)
    paperclip (2.3.16)
      activerecord (>= 2.3.0)
      activesupport (>= 2.3.2)
      cocaine (>= 0.0.2)
      mime-types
    pg (0.11.0)
    polyglot (0.3.2)
    pry (0.9.3)
      coderay (>= 0.9.8)
      method_source (>= 0.6.0)
      ruby_parser (>= 2.0.5)
      slop (~> 1.9.0)
    rack (1.3.2)
    rack-mount (0.6.14)
      rack (>= 1.0.0)
    rack-test (0.5.7)
      rack (>= 1.0)
    rails (3.0.9)
      actionmailer (= 3.0.9)
      actionpack (= 3.0.9)
      activerecord (= 3.0.9)
      activeresource (= 3.0.9)
      activesupport (= 3.0.9)
      bundler (~> 1.0)
      railties (= 3.0.9)
    rails_code_qa (0.4.2)
      flay (= 1.4.2)
      flog (= 2.5.1)
      rcov (= 0.9.9)
    railties (3.0.9)
      actionpack (= 3.0.9)
      activesupport (= 3.0.9)
      rake (>= 0.8.7)
      rdoc (~> 3.4)
      thor (~> 0.14.4)
    rake (0.9.2)
    rcov (0.9.9)
    rdoc (3.9.2)
    ruby_parser (2.1.0)
      sexp_processor (~> 3.0)
    sexp_processor (3.0.6)
    slop (1.9.1)
    term-ansicolor (1.0.6)
    test-unit (2.3.2)
    thin (1.2.11)
      daemons (>= 1.0.9)
      eventmachine (>= 0.12.6)
      rack (>= 1.0.0)
    thor (0.14.6)
    timeliness (0.3.4)
    treetop (1.4.10)
      polyglot
      polyglot (>= 0.3.1)
    tzinfo (0.3.29)
    validates_timeliness (3.0.6)
      timeliness (~> 0.3.3)
    warden (1.0.5)
      rack (>= 1.0)
    xml-simple (1.1.0)

PLATFORMS
  ruby

DEPENDENCIES
  app_config!
  aws-s3
  aws-ses (~> 0.4.3)
  default_value_for!
  delayed_job
  devise!
  foreman
  informal!
  jquery-rails (~> 1.0.3)
  kaminari (~> 0.12.4)
  kmandrup-colorist!
  log_buddy
  paperclip (~> 2.3)
  pg
  pry
  rack-recaptcha!
  rails (= 3.0.9)
  rails_code_qa
  test-unit
  thin
  validates_timeliness (~> 3.0.2)
