GIT
  remote: git://github.com/virtualstaticvoid/app_config.git
  revision: 734b79374f28790cbac1db92abe218918764f70a
  branch: master
  specs:
    app_config (0.0.1)
      rails (~> 3.0.0)

GIT
  remote: git://github.com/virtualstaticvoid/colorist.git
  revision: 88a14d1d1a1fd1c05155840e37485579068f6130
  branch: master
  specs:
    colorist (0.0.3)

GIT
  remote: git://github.com/virtualstaticvoid/default_value_for.git
  revision: 43c3ab1c43273310d200682d377e95ea0a3a186f
  branch: master
  specs:
    default_value_for (1.0.2)

GIT
  remote: git://github.com/virtualstaticvoid/devise.git
  revision: 2f5a7302bdc7c9fd632676f929ed00ac868494c1
  branch: find_for_authentication
  specs:
    devise (1.4.2)
      bcrypt-ruby (~> 2.1.2)
      orm_adapter (~> 0.0.3)
      warden (~> 1.0.3)

GIT
  remote: git://github.com/virtualstaticvoid/informal.git
  revision: 2bae95397b33375fae7744bcd09ea644e86b3a8a
  branch: rails_3_0_model_name_back_port
  specs:
    informal (0.1.0)
      activemodel (~> 3.0)

GIT
  remote: git://github.com/virtualstaticvoid/rack-recaptcha.git
  revision: d1ffa84f9567181179e74880c2cc26acfd6419aa
  tag: v0.5.0
  specs:
    rack-recaptcha (0.5.0)
      json

GEM
  remote: http://rubygems.org/
  specs:
    abstract (1.0.0)
    actionmailer (3.0.9)
      actionpack (= 3.0.9)
      mail (~> 2.2.19)
    actionpack (3.0.9)
      activemodel (= 3.0.9)
      activesupport (= 3.0.9)
      builder (~> 2.1.2)
      erubis (~> 2.6.6)
      i18n (~> 0.5.0)
      rack (~> 1.2.1)
      rack-mount (~> 0.6.14)
      rack-test (~> 0.5.7)
      tzinfo (~> 0.3.23)
    activemodel (3.0.9)
      activesupport (= 3.0.9)
      builder (~> 2.1.2)
      i18n (~> 0.5.0)
    activerecord (3.0.9)
      activemodel (= 3.0.9)
      activesupport (= 3.0.9)
      arel (~> 2.0.10)
      tzinfo (~> 0.3.23)
    activeresource (3.0.9)
      activemodel (= 3.0.9)
      activesupport (= 3.0.9)
    activesupport (3.0.9)
    arel (2.0.10)
    aws-s3 (0.6.2)
      builder
      mime-types
      xml-simple
    aws-ses (0.4.3)
      builder
      mail (> 2.2.5)
      mime-types
      xml-simple
    bcrypt-ruby (2.1.4)
    builder (2.1.2)
    cocaine (0.1.0)
    erubis (2.6.6)
      abstract (>= 1.0.0)
    flay (1.4.2)
      ruby_parser (~> 2.0)
      sexp_processor (~> 3.0)
    flog (2.5.1)
      ruby_parser (~> 2.0)
      sexp_processor (~> 3.0)
    i18n (0.5.0)
    jquery-rails (1.0.12)
      railties (~> 3.0)
      thor (~> 0.14)
    json (1.5.3)
    kaminari (0.12.4)
      rails (>= 3.0.0)
    mail (2.2.19)
      activesupport (>= 2.3.6)
      i18n (>= 0.4.0)
      mime-types (~> 1.16)
      treetop (~> 1.4.8)
    mime-types (1.16)
    orm_adapter (0.0.5)
    paperclip (2.3.12)
      activerecord (>= 2.3.0)
      activesupport (>= 2.3.2)
      cocaine (>= 0.0.2)
    pg (0.11.0)
    polyglot (0.3.1)
    rack (1.2.3)
    rack-mount (0.6.14)
      rack (>= 1.0.0)
    rack-test (0.5.7)
      rack (>= 1.0)
    rails (3.0.9)
      actionmailer (= 3.0.9)
      actionpack (= 3.0.9)
      activerecord (= 3.0.9)
      activeresource (= 3.0.9)
      activesupport (= 3.0.9)
      bundler (~> 1.0)
      railties (= 3.0.9)
    rails_code_qa (0.4.2)
      flay (= 1.4.2)
      flog (= 2.5.1)
      rcov (= 0.9.9)
    railties (3.0.9)
      actionpack (= 3.0.9)
      activesupport (= 3.0.9)
      rake (>= 0.8.7)
      rdoc (~> 3.4)
      thor (~> 0.14.4)
    rake (0.9.2)
    rcov (0.9.9)
    rdoc (3.8)
    redis (2.2.1)
    redis-namespace (1.0.3)
      redis (< 3.0.0)
    resque (1.17.1)
      json (< 1.6, >= 1.4.6)
      redis-namespace (~> 1.0.2)
      sinatra (>= 0.9.2)
      vegas (~> 0.1.2)
    ruby_parser (2.0.6)
      sexp_processor (~> 3.0)
    sexp_processor (3.0.5)
    sinatra (1.2.6)
      rack (~> 1.1)
      tilt (< 2.0, >= 1.2.2)
    thor (0.14.6)
    tilt (1.3.2)
    timeliness (0.3.4)
    treetop (1.4.9)
      polyglot (>= 0.3.1)
    tzinfo (0.3.29)
    validates_timeliness (3.0.6)
      timeliness (~> 0.3.3)
    vegas (0.1.8)
      rack (>= 1.0.0)
    warden (1.0.4)
      rack (>= 1.0)
    xml-simple (1.1.0)

PLATFORMS
  ruby

DEPENDENCIES
  app_config!
  aws-s3
  aws-ses (~> 0.4.3)
  colorist!
  default_value_for!
  devise!
  informal!
  jquery-rails (~> 1.0.3)
  kaminari (~> 0.12.4)
  paperclip (~> 2.3)
  pg
  rack-recaptcha!
  rails (= 3.0.9)
  rails_code_qa
  resque
  validates_timeliness (~> 3.0.2)
